GEM
  remote: http://rubygems.org/
  specs:
    kgio (1.3.1)
    rack (1.2.1)
    sinatra (1.1.0)
      rack (~> 1.1)
      tilt (~> 1.1)
    tilt (1.1)
    unicorn (2.0.0)
      kgio (~> 1.3.1)
      rack

PLATFORMS
  ruby

DEPENDENCIES
  sinatra
  unicorn
